GEM
  remote: https://rubygems.org/
  specs:
    diff-lcs (1.5.0)
    require_all (1.5.0)
    rspec (3.11.0)
      rspec-core (~> 3.11.0)
      rspec-expectations (~> 3.11.0)
      rspec-mocks (~> 3.11.0)
    rspec-core (3.11.0)
      rspec-support (~> 3.11.0)
    rspec-expectations (3.11.0)
      diff-lcs (>= 1.2.0, < 2.0)
      rspec-support (~> 3.11.0)
    rspec-mocks (3.11.1)
      diff-lcs (>= 1.2.0, < 2.0)
      rspec-support (~> 3.11.0)
    rspec-support (3.11.0)
    sqlite3 (1.4.4)

PLATFORMS
  ruby

DEPENDENCIES
  require_all (~> 1.0)
  rspec
  sqlite3 (~> 1.4.4)

BUNDLED WITH
   2.2.28
